PATH
  remote: .
  specs:
    pdadv (0.1.0)
      fastimage
      prawn

GEM
  remote: https://rubygems.org/
  specs:
    ast (2.4.0)
    fastimage (2.1.3)
    jaro_winkler (1.5.1)
    parallel (1.12.1)
    parser (2.5.1.2)
      ast (~> 2.4.0)
    pdf-core (0.7.0)
    powerpack (0.1.2)
    prawn (2.2.2)
      pdf-core (~> 0.7.0)
      ttfunk (~> 1.5)
    rainbow (3.0.0)
    rake (10.5.0)
    rubocop (0.58.2)
      jaro_winkler (~> 1.5.1)
      parallel (~> 1.10)
      parser (>= 2.5, != 2.5.1.1)
      powerpack (~> 0.1)
      rainbow (>= 2.2.2, < 4.0)
      ruby-progressbar (~> 1.7)
      unicode-display_width (~> 1.0, >= 1.0.1)
    ruby-progressbar (1.10.0)
    ttfunk (1.5.1)
    unicode-display_width (1.4.0)

PLATFORMS
  ruby

DEPENDENCIES
  bundler (~> 1.16)
  pdadv!
  rake (~> 10.0)
  rubocop

BUNDLED WITH
   1.16.1
